GEM
  remote: https://rubygems.org/
  specs:
    RedCloth (4.3.0)
    addressable (2.6.0)
      public_suffix (>= 2.0.2, < 4.0)
    chunky_png (1.2.5)
    colorator (1.1.0)
    compass (0.12.2)
      chunky_png (~> 1.2)
      fssm (>= 0.2.7)
      sass (~> 3.1)
    concurrent-ruby (1.1.5)
    directory_watcher (1.4.1)
    em-websocket (0.5.1)
      eventmachine (>= 0.12.9)
      http_parser.rb (~> 0.6.0)
    eventmachine (1.2.7)
    ffi (1.11.1)
    forwardable-extended (2.6.0)
    fssm (0.2.9)
    haml (5.1.1)
      temple (>= 0.8.0)
      tilt
    http_parser.rb (0.6.0)
    i18n (0.9.5)
      concurrent-ruby (~> 1.0)
    jekyll (3.8.6)
      addressable (~> 2.4)
      colorator (~> 1.0)
      em-websocket (~> 0.5)
      i18n (~> 0.7)
      jekyll-sass-converter (~> 1.0)
      jekyll-watch (~> 2.0)
      kramdown (~> 1.14)
      liquid (~> 4.0)
      mercenary (~> 0.3.3)
      pathutil (~> 0.9)
      rouge (>= 1.7, < 4)
      safe_yaml (~> 1.0)
    jekyll-sass-converter (1.3.0)
      sass (~> 3.2)
    jekyll-watch (2.2.1)
      listen (~> 3.0)
    kramdown (1.17.0)
    liquid (4.0.3)
    listen (3.1.5)
      rb-fsevent (~> 0.9, >= 0.9.4)
      rb-inotify (~> 0.9, >= 0.9.7)
      ruby_dep (~> 1.2)
    mercenary (0.3.6)
    pathutil (0.16.2)
      forwardable-extended (~> 2.6)
    posix-spawn (0.3.13)
    public_suffix (3.1.1)
    pygments.rb (0.3.4)
      posix-spawn (~> 0.3.6)
      yajl-ruby (~> 1.3.1)
    rack (1.6.11)
    rack-protection (1.5.5)
      rack
    rake (12.3.2)
    rb-fsevent (0.10.3)
    rb-inotify (0.10.0)
      ffi (~> 1.0)
    rdiscount (2.0.7.3)
    rouge (3.5.1)
    ruby_dep (1.5.0)
    rubypants (0.2.0)
    safe_yaml (1.0.5)
    sass (3.2.9)
    sass-globbing (1.1.5)
      sass (>= 3.1)
    sinatra (1.4.2)
      rack (~> 1.6, >= 1.6.11)
      rack-protection (~> 1.5)
      tilt (~> 1.3, >= 1.3.4)
    stringex (1.4.0)
    temple (0.8.1)
    tilt (1.3.7)
    yajl-ruby (1.3.1)

PLATFORMS
  ruby

DEPENDENCIES
  RedCloth (~> 4.3.0)
  compass (~> 0.12.2)
  directory_watcher (= 1.4.1)
  haml (~> 5.1.1)
  jekyll (~> 3.8)
  liquid (~> 4.0.3)
  pygments.rb (~> 0.3.4)
  rake (~> 12.3)
  rb-fsevent (~> 0.10)
  rdiscount (~> 2.0.7)
  rubypants (~> 0.2.0)
  sass (~> 3.2)
  sass-globbing (~> 1.1.5)
  sinatra (~> 1.4.2)
  stringex (~> 1.4.0)

BUNDLED WITH
   2.0.1
